GEM
  remote: http://rubygems.org/
  specs:
    crack (0.1.8)
    diff-lcs (1.1.3)
    fakeweb (1.3.0)
    git (1.2.5)
    hpricot (0.8.4)
    hpricot (0.8.4-java)
    httparty (0.7.7)
      crack (= 0.1.8)
    jeweler (1.6.4)
      bundler (~> 1.0)
      git (>= 1.2.5)
      rake
    json (1.5.1)
    json (1.5.1-java)
    mini_portile (0.6.2)
    mocha (0.9.12)
    nokogiri (1.6.6.2)
      mini_portile (~> 0.6.0)
    oauth (0.4.7)
    rake (0.9.2)
    rcov (0.9.9)
    rcov (0.9.9-java)
    rspec (2.6.0)
      rspec-core (~> 2.6.0)
      rspec-expectations (~> 2.6.0)
      rspec-mocks (~> 2.6.0)
    rspec-core (2.6.4)
    rspec-expectations (2.6.0)
      diff-lcs (~> 1.1.2)
    rspec-mocks (2.6.0)

PLATFORMS
  java
  ruby

DEPENDENCIES
  bundler
  fakeweb
  hpricot
  httparty
  jeweler (~> 1.6.4)
  json
  mocha
  nokogiri (~> 1.6.5)
  oauth (~> 0.4.7)
  rcov
  rspec (~> 2.6.0)
